GEM
  remote: https://rubygems.org/
  specs:
    pg (1.4.5)

PLATFORMS
  ruby

DEPENDENCIES
  pg

RUBY VERSION
   ruby 2.7.6p219

BUNDLED WITH
   2.1.4
